GEM
  remote: https://rubygems.org/
  specs:
    ast (2.4.2)
    async (1.30.1)
      console (~> 1.10)
      nio4r (~> 2.3)
      timers (~> 4.1)
    console (1.15.0)
      fiber-local
    daemons (1.4.1)
    eventmachine (1.2.7)
    fiber-local (1.0.0)
    mustermann (1.1.1)
      ruby2_keywords (~> 0.0.1)
    nio4r (2.5.8)
    nokogiri (1.13.4-x86_64-darwin)
      racc (~> 1.4)
    parallel (1.22.1)
    parser (3.1.2.0)
      ast (~> 2.4.1)
    racc (1.6.0)
    rack (2.2.3)
    rack-protection (2.2.0)
      rack
    rainbow (3.1.1)
    regexp_parser (2.3.1)
    rexml (3.2.5)
    rubocop (1.28.2)
      parallel (~> 1.10)
      parser (>= 3.1.0.0)
      rainbow (>= 2.2.2, < 4.0)
      regexp_parser (>= 1.8, < 3.0)
      rexml
      rubocop-ast (>= 1.17.0, < 2.0)
      ruby-progressbar (~> 1.7)
      unicode-display_width (>= 1.4.0, < 3.0)
    rubocop-ast (1.17.0)
      parser (>= 3.1.1.0)
    rubocop-performance (1.13.3)
      rubocop (>= 1.7.0, < 2.0)
      rubocop-ast (>= 0.4.0)
    ruby-progressbar (1.11.0)
    ruby2_keywords (0.0.5)
    rubyzip (2.3.2)
    sablon (0.3.2)
      nokogiri (>= 1.8.5)
      rubyzip (>= 1.1.1)
    sinatra (2.2.0)
      mustermann (~> 1.0)
      rack (~> 2.2)
      rack-protection (= 2.2.0)
      tilt (~> 2.0)
    sorbet (0.5.9950)
      sorbet-static (= 0.5.9950)
    sorbet-static (0.5.9950-universal-darwin-19)
    standard (1.11.0)
      rubocop (= 1.28.2)
      rubocop-performance (= 1.13.3)
    standardrb (1.0.1)
      standard
    thin (1.8.1)
      daemons (~> 1.0, >= 1.0.9)
      eventmachine (~> 1.0, >= 1.0.4)
      rack (>= 1, < 3)
    tilt (2.0.10)
    timers (4.3.3)
    unicode-display_width (2.1.0)

PLATFORMS
  x86_64-darwin-19

DEPENDENCIES
  async (~> 1.30)
  sablon (~> 0.3.2)
  sinatra (~> 2.2.0)
  sorbet
  standardrb (~> 1.0.1)
  thin (~> 1.8.1)

RUBY VERSION
   ruby 2.7.2p137

BUNDLED WITH
   2.3.5
